GEM
  remote: https://rubygems.org/
  specs:
    ast (2.4.3)
    backport (1.2.0)
    base64 (0.3.0)
    bcrypt_pbkdf (1.1.1)
    benchmark (0.5.0)
    bigdecimal (3.3.1)
    builder (3.3.0)
    chef-utils (18.8.46)
      concurrent-ruby
    coderay (1.1.3)
    concurrent-ruby (1.3.5)
    csv (3.3.5)
    date (3.4.1)
    diff-lcs (1.6.2)
    ed25519 (1.4.0)
    erb (5.1.1)
    erubi (1.13.1)
    ffi (1.17.2-arm64-darwin)
    ffi (1.17.2-x86_64-darwin)
    ffi (1.17.2-x86_64-linux-gnu)
    gssapi (1.3.1)
      ffi (>= 1.0.1)
    gyoku (1.4.0)
      builder (>= 2.1.2)
      rexml (~> 3.0)
    httpclient (2.9.0)
      mutex_m
    io-console (0.8.1)
    irb (1.15.2)
      pp (>= 0.6.0)
      rdoc (>= 4.0.0)
      reline (>= 0.4.2)
    jaro_winkler (1.6.1)
    json (2.15.1)
    kitchen-docker (3.0.0)
      test-kitchen (>= 1.0.0)
    kramdown (2.5.1)
      rexml (>= 3.3.9)
    kramdown-parser-gfm (1.1.0)
      kramdown (~> 2.0)
    language_server-protocol (3.17.0.5)
    license-acceptance (2.1.13)
      pastel (~> 0.7)
      tomlrb (>= 1.2, < 3.0)
      tty-box (~> 0.6)
      tty-prompt (~> 0.20)
    lint_roller (1.1.0)
    little-plugger (1.1.4)
    logger (1.7.0)
    logging (2.4.0)
      little-plugger (~> 1.1)
      multi_json (~> 1.14)
    method_source (1.1.0)
    mixlib-install (3.12.30)
      mixlib-shellout
      mixlib-versioning
      thor
    mixlib-shellout (3.3.9)
      chef-utils
    mixlib-versioning (1.2.12)
    multi_json (1.17.0)
    mutex_m (0.3.0)
    net-scp (4.1.0)
      net-ssh (>= 2.6.5, < 8.0.0)
    net-ssh (7.3.0)
    net-ssh-gateway (2.0.0)
      net-ssh (>= 4.0.0)
    nokogiri (1.18.10-arm64-darwin)
      racc (~> 1.4)
    nokogiri (1.18.10-x86_64-darwin)
      racc (~> 1.4)
    nokogiri (1.18.10-x86_64-linux-gnu)
      racc (~> 1.4)
    nori (2.7.1)
      bigdecimal
    observer (0.1.2)
    ostruct (0.6.3)
    parallel (1.27.0)
    parser (3.3.9.0)
      ast (~> 2.4.1)
      racc
    pastel (0.8.0)
      tty-color (~> 0.5)
    pp (0.6.3)
      prettyprint
    prettyprint (0.2.0)
    prism (1.6.0)
    pry (0.15.2)
      coderay (~> 1.1)
      method_source (~> 1.0)
    pry-doc (1.6.0)
      pry (~> 0.11)
      yard (~> 0.9.11)
    psych (5.2.6)
      date
      stringio
    racc (1.8.1)
    rainbow (3.1.1)
    rbs (3.9.5)
      logger
    rdoc (6.15.0)
      erb
      psych (>= 4.0.0)
      tsort
    regexp_parser (2.11.3)
    reline (0.6.2)
      io-console (~> 0.5)
    reverse_markdown (3.0.0)
      nokogiri
    rexml (3.4.4)
    rubocop (1.81.6)
      json (~> 2.3)
      language_server-protocol (~> 3.17.0.2)
      lint_roller (~> 1.1.0)
      parallel (~> 1.10)
      parser (>= 3.3.0.2)
      rainbow (>= 2.2.2, < 4.0)
      regexp_parser (>= 2.9.3, < 3.0)
      rubocop-ast (>= 1.47.1, < 2.0)
      ruby-progressbar (~> 1.7)
      unicode-display_width (>= 2.4.0, < 4.0)
    rubocop-ast (1.47.1)
      parser (>= 3.3.7.2)
      prism (~> 1.4)
    ruby-progressbar (1.13.0)
    rubyntlm (0.6.5)
      base64
    rubyzip (2.4.1)
    solargraph (0.57.0)
      backport (~> 1.2)
      benchmark (~> 0.4)
      bundler (~> 2.0)
      diff-lcs (~> 1.4)
      jaro_winkler (~> 1.6, >= 1.6.1)
      kramdown (~> 2.3)
      kramdown-parser-gfm (~> 1.1)
      logger (~> 1.6)
      observer (~> 0.1)
      ostruct (~> 0.6)
      parser (~> 3.0)
      prism (~> 1.4)
      rbs (>= 3.6.1, <= 4.0.0.dev.4)
      reverse_markdown (~> 3.0)
      rubocop (~> 1.76)
      thor (~> 1.0)
      tilt (~> 2.0)
      yard (~> 0.9, >= 0.9.24)
      yard-activesupport-concern (~> 0.0)
      yard-solargraph (~> 0.1)
    stringio (3.1.7)
    strings (0.2.1)
      strings-ansi (~> 0.2)
      unicode-display_width (>= 1.5, < 3.0)
      unicode_utils (~> 1.4)
    strings-ansi (0.2.0)
    syslog (0.3.0)
      logger
    test-kitchen (3.9.1)
      bcrypt_pbkdf (~> 1.0)
      chef-utils (>= 16.4.35)
      csv (~> 3.3)
      ed25519 (~> 1.3)
      irb (~> 1.15)
      license-acceptance (>= 1.0.11, < 3.0)
      mixlib-install (~> 3.6)
      mixlib-shellout (>= 1.2, < 4.0)
      net-scp (>= 1.1, < 5.0)
      net-ssh (>= 2.9, < 8.0)
      net-ssh-gateway (>= 1.2, < 3.0)
      ostruct (~> 0.6)
      syslog (~> 0.3)
      thor (>= 0.19, < 2.0)
      winrm (~> 2.0)
      winrm-elevated (~> 1.0)
      winrm-fs (~> 1.1)
    thor (1.4.0)
    tilt (2.6.1)
    tomlrb (2.0.3)
    tsort (0.2.0)
    tty-box (0.7.0)
      pastel (~> 0.8)
      strings (~> 0.2.0)
      tty-cursor (~> 0.7)
    tty-color (0.6.0)
    tty-cursor (0.7.1)
    tty-prompt (0.23.1)
      pastel (~> 0.8)
      tty-reader (~> 0.8)
    tty-reader (0.9.0)
      tty-cursor (~> 0.7)
      tty-screen (~> 0.8)
      wisper (~> 2.0)
    tty-screen (0.8.2)
    unicode-display_width (2.6.0)
    unicode_utils (1.4.0)
    winrm (2.3.9)
      builder (>= 2.1.2)
      erubi (~> 1.8)
      gssapi (~> 1.2)
      gyoku (~> 1.0)
      httpclient (~> 2.2, >= 2.2.0.2)
      logging (>= 1.6.1, < 3.0)
      nori (~> 2.0, >= 2.7.1)
      rexml (~> 3.0)
      rubyntlm (~> 0.6.0, >= 0.6.3)
    winrm-elevated (1.2.3)
      erubi (~> 1.8)
      winrm (~> 2.0)
      winrm-fs (~> 1.0)
    winrm-fs (1.3.5)
      erubi (~> 1.8)
      logging (>= 1.6.1, < 3.0)
      rubyzip (~> 2.0)
      winrm (~> 2.0)
    wisper (2.0.1)
    yard (0.9.37)
    yard-activesupport-concern (0.0.1)
      yard (>= 0.8)
    yard-solargraph (0.1.0)
      yard (~> 0.9)

PLATFORMS
  arm64-darwin-22
  arm64-darwin-23
  arm64-darwin-24
  x86_64-darwin-20
  x86_64-linux

DEPENDENCIES
  kitchen-docker
  pry
  pry-doc
  solargraph
  test-kitchen

BUNDLED WITH
   2.5.16
